GEM
  remote: https://rubygems.org/
  specs:
    as-duration (0.1.0)
    faker (1.5.0)
      i18n (~> 0.5)
    i18n (0.7.0)

PLATFORMS
  ruby

DEPENDENCIES
  as-duration (~> 0.1.0)
  faker (~> 1.5)

BUNDLED WITH
   1.10.6
